PATH
  remote: ../rulers
  specs:
    brick (0.0.4)
      erubis
      rack (= 1.5.2)
      rack-test

GEM
  remote: https://rubygems.org/
  specs:
    erubis (2.7.0)
    rack (1.5.2)
    rack-test (0.6.2)
      rack (>= 1.0)

PLATFORMS
  ruby

DEPENDENCIES
  brick!
