PATH
  remote: ../rulers
  specs:
    brick (0.0.4)
      rack (= 1.5.2)

GEM
  remote: https://rubygems.org/
  specs:
    rack (1.5.2)

PLATFORMS
  ruby

DEPENDENCIES
  brick!
