PATH
  remote: ../rulers
  specs:
    brick (0.0.5)
      debugger
      erubis
      multi_json
      rack (= 1.5.2)
      rack-test
      sqlite3

GEM
  remote: https://rubygems.org/
  specs:
    byebug (3.5.1)
      columnize (~> 0.8)
      debugger-linecache (~> 1.2)
      slop (~> 3.6)
    columnize (0.8.9)
    debugger (1.6.8)
      columnize (>= 0.3.1)
      debugger-linecache (~> 1.2.0)
      debugger-ruby_core_source (~> 1.3.5)
    debugger-linecache (1.2.0)
    debugger-ruby_core_source (1.3.5)
    erubis (2.7.0)
    multi_json (1.10.1)
    rack (1.5.2)
    rack-test (0.6.2)
      rack (>= 1.0)
    slop (3.6.0)
    sqlite3 (1.3.9)

PLATFORMS
  ruby

DEPENDENCIES
  brick!
  byebug (~> 3.5.1)
